GEM
  remote: https://rubygems.org/
  specs:
    csv (3.1.2)
    ipaddr (1.2.2)
    mini_magick (4.9.5)
    mini_portile2 (2.8.0)
    mustermann (1.0.3)
    nio4r (2.5.2)
    nokogiri (1.13.4)
      mini_portile2 (~> 2.8.0)
      racc (~> 1.4)
    openssl (2.1.2)
      ipaddr
    puma (4.2.1)
      nio4r (~> 2.0)
    racc (1.6.0)
    rack (2.0.7)
    rack-protection (2.0.7)
      rack
    rubyXL (3.4.6)
      nokogiri (>= 1.4.4)
      rubyzip (>= 1.1.6)
    rubyzip (2.0.0)
    sequel (5.25.0)
    sinatra (2.0.7)
      mustermann (~> 1.0)
      rack (~> 2.0)
      rack-protection (= 2.0.7)
      tilt (~> 2.0)
    sqlite3 (1.4.1)
    tilt (2.0.10)

PLATFORMS
  ruby

DEPENDENCIES
  csv
  mini_magick
  nokogiri (>= 1.8)
  openssl
  puma (>= 3.10)
  rubyXL
  sequel
  sinatra (>= 2.0)
  sqlite3 (~> 1.3, >= 1.3.13)

BUNDLED WITH
   2.0.1
